GEM
  remote: http://rubygems.org/
  specs:
    mini_portile (0.6.2)
    mustermann (1.0.2)
    nokogiri (1.6.6.2)
      mini_portile (~> 0.6.0)
    rack (2.0.5)
    rack-protection (2.0.2)
      rack
    sinatra (2.0.2)
      mustermann (~> 1.0)
      rack (~> 2.0)
      rack-protection (= 2.0.2)
      tilt (~> 2.0)
    tilt (2.0.8)

PLATFORMS
  ruby

DEPENDENCIES
  nokogiri
  sinatra

BUNDLED WITH
   1.10.6
